PATH
  remote: .
  specs:
    chargify_api_ares (1.4.19)
      activeresource

GEM
  remote: https://rubygems.org/
  specs:
    activemodel (6.1.7.5)
      activesupport (= 6.1.7.5)
    activemodel-serializers-xml (1.0.2)
      activemodel (> 5.x)
      activesupport (> 5.x)
      builder (~> 3.1)
    activeresource (6.1.0)
      activemodel (>= 6.0)
      activemodel-serializers-xml (~> 1.0)
      activesupport (>= 6.0)
    activesupport (6.1.7.5)
      concurrent-ruby (~> 1.0, >= 1.0.2)
      i18n (>= 1.6, < 2)
      minitest (>= 5.1)
      tzinfo (~> 2.0)
      zeitwerk (~> 2.3)
    appraisal (2.4.1)
      bundler
      rake
      thor (>= 0.14.0)
    builder (3.2.4)
    coderay (1.1.3)
    concurrent-ruby (1.3.4)
    diff-lcs (1.5.0)
    dotenv (2.7.6)
    factory_bot (6.2.1)
      activesupport (>= 5.0.0)
    faker (2.21.0)
      i18n (>= 1.8.11, < 2)
    fakeweb (1.3.0)
    i18n (1.14.5)
      concurrent-ruby (~> 1.0)
    method_source (1.0.0)
    minitest (5.25.1)
    pry (0.14.1)
      coderay (~> 1.1)
      method_source (~> 1.0)
    rake (13.0.6)
    rexml (3.3.6)
      strscan
    rspec (3.11.0)
      rspec-core (~> 3.11.0)
      rspec-expectations (~> 3.11.0)
      rspec-mocks (~> 3.11.0)
    rspec-core (3.11.0)
      rspec-support (~> 3.11.0)
    rspec-expectations (3.11.0)
      diff-lcs (>= 1.2.0, < 2.0)
      rspec-support (~> 3.11.0)
    rspec-mocks (3.11.1)
      diff-lcs (>= 1.2.0, < 2.0)
      rspec-support (~> 3.11.0)
    rspec-support (3.11.0)
    strscan (3.1.0)
    thor (1.2.1)
    tzinfo (2.0.6)
      concurrent-ruby (~> 1.0)
    vcr (2.9.3)
    zeitwerk (2.6.17)

PLATFORMS
  ruby

DEPENDENCIES
  appraisal
  chargify_api_ares!
  dotenv
  factory_bot
  faker
  fakeweb (~> 1.3.0)
  pry
  rake
  rexml
  rspec
  vcr (~> 2.9.3)

BUNDLED WITH
   2.5.14
